PATH
  remote: .
  specs:
    foodie (0.0.1)
      activesupport (= 3.0.0)

GEM
  remote: http://rubygems.org/
  specs:
    activesupport (3.0.0)
    diff-lcs (1.1.2)
    rspec (2.0.1)
      rspec-core (~> 2.0.1)
      rspec-expectations (~> 2.0.1)
      rspec-mocks (~> 2.0.1)
    rspec-core (2.0.1)
    rspec-expectations (2.0.1)
      diff-lcs (>= 1.1.2)
    rspec-mocks (2.0.1)
      rspec-core (~> 2.0.1)
      rspec-expectations (~> 2.0.1)

PLATFORMS
  ruby

DEPENDENCIES
  activesupport (= 3.0.0)
  foodie!
  rspec (~> 2.0.0.beta.22)
